GEM
  remote: http://rubygems.org/
  specs:
    addressable (2.2.1)
    bacon (1.1.0)
    crack (0.1.8)
    json (1.4.6)
    json_pure (1.4.6)
    mime-types (1.16)
    rack (1.2.1)
    rest-client (1.6.1)
      mime-types (>= 1.16)
    rr (1.0.0)
    ruby-hmac (0.4.0)
    webmock (1.3.5)
      addressable (>= 2.1.1)
      crack (>= 0.1.7)
    yajl-ruby (0.7.7)

PLATFORMS
  ruby

DEPENDENCIES
  bacon
  json
  json_pure
  rack
  rest-client
  rr
  ruby-hmac
  webmock
  yajl-ruby
